STORAGE: NONE
RESTRICTION: || (== net6.0) (== net6.0-windows7.0)
NUGET
  remote: https://api.nuget.org/v3/index.json
    AForge (2.2.5)
    AForge.Controls (2.2.5)
      AForge (>= 2.2.5)
      AForge.Imaging (>= 2.2.5)
      AForge.Video (>= 2.2.5)
    AForge.Imaging (2.2.5)
      AForge (>= 2.2.5)
      AForge.Math (>= 2.2.5)
    AForge.Math (2.2.5)
      AForge (>= 2.2.5)
    AForge.Video (2.2.5)
      AForge (>= 2.2.5)
    AForge.Video.DirectShow (2.2.5)
      AForge.Video (>= 2.2.5)
    Microsoft.CodeCoverage (17.3.2)
    Microsoft.Kinect (2.0.1410.19000) - copy_local: false
    Microsoft.NET.Test.Sdk (17.3.2)
      Microsoft.CodeCoverage (>= 17.3.2)
      Microsoft.TestPlatform.TestHost (>= 17.3.2)
    Microsoft.NETCore.Platforms (6.0.6)
    Microsoft.NETCore.Targets (5.0)
    Microsoft.TestPlatform.ObjectModel (17.3.2)
      NuGet.Frameworks (>= 5.11)
      System.Reflection.Metadata (>= 1.6)
    Microsoft.TestPlatform.TestHost (17.3.2)
      Microsoft.TestPlatform.ObjectModel (>= 17.3.2)
      Newtonsoft.Json (>= 9.0.1)
    MSTest.TestAdapter (2.2.10)
      Newtonsoft.Json (>= 10.0.3)
      System.Diagnostics.TextWriterTraceListener (>= 4.3)
    MSTest.TestFramework (2.2.10)
    NETStandard.Library (2.0.3)
      Microsoft.NETCore.Platforms (>= 1.1)
    Newtonsoft.Json (13.0.1)
    NuGet.Frameworks (6.3.1)
    NUnit (3.13.3)
      NETStandard.Library (>= 2.0)
    NUnit3TestAdapter (4.2.1)
    OpenTK (4.7.5)
      OpenTK.Compute (>= 4.7.5)
      OpenTK.Core (>= 4.7.5)
      OpenTK.Graphics (>= 4.7.5)
      OpenTK.Input (>= 4.7.5)
      OpenTK.Mathematics (>= 4.7.5)
      OpenTK.OpenAL (>= 4.7.5)
      OpenTK.Windowing.Common (>= 4.7.5)
      OpenTK.Windowing.Desktop (>= 4.7.5)
      OpenTK.Windowing.GraphicsLibraryFramework (>= 4.7.5)
    OpenTK.Compute (4.7.5)
    OpenTK.Core (4.7.5)
    OpenTK.Graphics (4.7.5)
      OpenTK.Core (>= 4.7.5 < 4.8)
      OpenTK.Mathematics (>= 4.7.5 < 4.8)
    OpenTK.Input (4.7.5)
    OpenTK.Mathematics (4.7.5)
      System.Runtime.CompilerServices.Unsafe (>= 5.0)
    OpenTK.OpenAL (4.7.5)
      OpenTK.Core (>= 4.7.5 < 4.8)
      OpenTK.Mathematics (>= 4.7.5 < 4.8)
    OpenTK.redist.glfw (3.3.8.30)
    OpenTK.Windowing.Common (4.7.5)
      OpenTK.Core (>= 4.7.5 < 4.8)
      OpenTK.Mathematics (>= 4.7.5 < 4.8)
    OpenTK.Windowing.Desktop (4.7.5)
      OpenTK.Core (>= 4.7.5 < 4.8)
      OpenTK.Mathematics (>= 4.7.5 < 4.8)
      OpenTK.Windowing.Common (>= 4.7.5 < 4.8)
      OpenTK.Windowing.GraphicsLibraryFramework (>= 4.7.5 < 4.8)
    OpenTK.Windowing.GraphicsLibraryFramework (4.7.5)
      OpenTK.Core (>= 4.7.5 < 4.8)
      OpenTK.redist.glfw (>= 3.3.8.30)
    OpenTK.WinForms (4.0.0-pre.6)
      OpenTK.Graphics (>= 4.6.4)
      OpenTK.Windowing.Desktop (>= 4.6.4)
    runtime.native.System (4.3.1)
      Microsoft.NETCore.Platforms (>= 1.1.1)
      Microsoft.NETCore.Targets (>= 1.1.3)
    System.Collections (4.3)
      Microsoft.NETCore.Platforms (>= 1.1)
      Microsoft.NETCore.Targets (>= 1.1)
      System.Runtime (>= 4.3)
    System.Collections.Immutable (6.0)
      System.Runtime.CompilerServices.Unsafe (>= 6.0)
    System.Diagnostics.Debug (4.3)
      Microsoft.NETCore.Platforms (>= 1.1)
      Microsoft.NETCore.Targets (>= 1.1)
      System.Runtime (>= 4.3)
    System.Diagnostics.TextWriterTraceListener (4.3)
      System.Diagnostics.TraceSource (>= 4.3)
      System.Globalization (>= 4.3)
      System.IO (>= 4.3)
      System.Resources.ResourceManager (>= 4.3)
      System.Runtime (>= 4.3)
      System.Threading (>= 4.3)
    System.Diagnostics.TraceSource (4.3)
      Microsoft.NETCore.Platforms (>= 1.1)
      runtime.native.System (>= 4.3)
      System.Collections (>= 4.3)
      System.Diagnostics.Debug (>= 4.3)
      System.Globalization (>= 4.3)
      System.Resources.ResourceManager (>= 4.3)
      System.Runtime (>= 4.3)
      System.Runtime.Extensions (>= 4.3)
      System.Threading (>= 4.3)
    System.Globalization (4.3)
      Microsoft.NETCore.Platforms (>= 1.1)
      Microsoft.NETCore.Targets (>= 1.1)
      System.Runtime (>= 4.3)
    System.IO (4.3)
      Microsoft.NETCore.Platforms (>= 1.1)
      Microsoft.NETCore.Targets (>= 1.1)
      System.Runtime (>= 4.3)
      System.Text.Encoding (>= 4.3)
      System.Threading.Tasks (>= 4.3)
    System.Reflection (4.3)
      Microsoft.NETCore.Platforms (>= 1.1)
      Microsoft.NETCore.Targets (>= 1.1)
      System.IO (>= 4.3)
      System.Reflection.Primitives (>= 4.3)
      System.Runtime (>= 4.3)
    System.Reflection.Metadata (6.0.1)
      System.Collections.Immutable (>= 6.0)
    System.Reflection.Primitives (4.3)
      Microsoft.NETCore.Platforms (>= 1.1)
      Microsoft.NETCore.Targets (>= 1.1)
      System.Runtime (>= 4.3)
    System.Resources.Extensions (6.0)
    System.Resources.ResourceManager (4.3)
      Microsoft.NETCore.Platforms (>= 1.1)
      Microsoft.NETCore.Targets (>= 1.1)
      System.Globalization (>= 4.3)
      System.Reflection (>= 4.3)
      System.Runtime (>= 4.3)
    System.Runtime (4.3.1)
      Microsoft.NETCore.Platforms (>= 1.1.1)
      Microsoft.NETCore.Targets (>= 1.1.3)
    System.Runtime.CompilerServices.Unsafe (6.0)
    System.Runtime.Extensions (4.3.1)
      Microsoft.NETCore.Platforms (>= 1.1.1)
      Microsoft.NETCore.Targets (>= 1.1.3)
      System.Runtime (>= 4.3.1)
    System.Text.Encoding (4.3)
      Microsoft.NETCore.Platforms (>= 1.1)
      Microsoft.NETCore.Targets (>= 1.1)
      System.Runtime (>= 4.3)
    System.Threading (4.3)
      System.Runtime (>= 4.3)
      System.Threading.Tasks (>= 4.3)
    System.Threading.Tasks (4.3)
      Microsoft.NETCore.Platforms (>= 1.1)
      Microsoft.NETCore.Targets (>= 1.1)
      System.Runtime (>= 4.3)
