STORAGE: NONE
RESTRICTION: || (== net472) (== net6.0) (== net6.0-windows7.0)
NUGET
  remote: https://api.nuget.org/v3/index.json
    AForge (2.2.5)
    AForge.Controls (2.2.5)
      AForge (>= 2.2.5)
      AForge.Imaging (>= 2.2.5)
      AForge.Video (>= 2.2.5)
    AForge.Imaging (2.2.5)
      AForge (>= 2.2.5)
      AForge.Math (>= 2.2.5)
    AForge.Math (2.2.5)
      AForge (>= 2.2.5)
    AForge.Video (2.2.5)
      AForge (>= 2.2.5)
    AForge.Video.DirectShow (2.2.5)
      AForge.Video (>= 2.2.5)
    Microsoft.Kinect (2.0.1410.19000)
    Microsoft.NETCore.Platforms (6.0.6) - restriction: || (&& (== net472) (< net45)) (&& (== net472) (>= netcoreapp1.0)) (== net6.0) (== net6.0-windows7.0)
    Microsoft.NETCore.Targets (5.0) - restriction: || (&& (== net472) (< net45)) (&& (== net472) (>= netcoreapp1.0)) (== net6.0) (== net6.0-windows7.0)
    MSTest.TestAdapter (2.2.10)
      Newtonsoft.Json (>= 10.0.3) - restriction: || (&& (== net472) (>= net5.0)) (== net6.0) (== net6.0-windows7.0)
      System.Diagnostics.TextWriterTraceListener (>= 4.3) - restriction: || (&& (== net472) (< net45)) (&& (== net472) (>= netcoreapp1.0)) (== net6.0) (== net6.0-windows7.0)
    MSTest.TestFramework (2.2.10)
    NETStandard.Library (2.0.3) - restriction: || (&& (== net472) (< net35)) (== net6.0) (== net6.0-windows7.0)
      Microsoft.NETCore.Platforms (>= 1.1)
    Newtonsoft.Json (13.0.1)
    NUnit (3.13.3)
      NETStandard.Library (>= 2.0) - restriction: || (&& (== net472) (< net35)) (== net6.0) (== net6.0-windows7.0)
    NUnit3TestAdapter (4.2.1)
    OpenTK (4.7.5)
      OpenTK.Compute (>= 4.7.5)
      OpenTK.Core (>= 4.7.5)
      OpenTK.Graphics (>= 4.7.5)
      OpenTK.Input (>= 4.7.5)
      OpenTK.Mathematics (>= 4.7.5)
      OpenTK.OpenAL (>= 4.7.5)
      OpenTK.Windowing.Common (>= 4.7.5)
      OpenTK.Windowing.Desktop (>= 4.7.5)
      OpenTK.Windowing.GraphicsLibraryFramework (>= 4.7.5)
    OpenTK.Compute (4.7.5)
    OpenTK.Core (4.7.5)
    OpenTK.GLControl (3.3.3)
      OpenTK (>= 3.3.3)
    OpenTK.Graphics (4.7.5)
      OpenTK.Core (>= 4.7.5 < 4.8) - restriction: || (&& (== net472) (>= netstandard2.1)) (== net6.0) (== net6.0-windows7.0)
      OpenTK.Mathematics (>= 4.7.5 < 4.8) - restriction: || (&& (== net472) (>= netstandard2.1)) (== net6.0) (== net6.0-windows7.0)
    OpenTK.Input (4.7.5)
    OpenTK.Mathematics (4.7.5)
      System.Runtime.CompilerServices.Unsafe (>= 5.0) - restriction: || (&& (== net472) (>= netstandard2.1)) (== net6.0) (== net6.0-windows7.0)
    OpenTK.OpenAL (4.7.5)
      OpenTK.Core (>= 4.7.5 < 4.8) - restriction: || (&& (== net472) (>= netcoreapp3.1)) (== net6.0) (== net6.0-windows7.0)
      OpenTK.Mathematics (>= 4.7.5 < 4.8) - restriction: || (&& (== net472) (>= netcoreapp3.1)) (== net6.0) (== net6.0-windows7.0)
    OpenTK.redist.glfw (3.3.8.30) - restriction: || (&& (== net472) (>= netcoreapp3.1)) (== net6.0) (== net6.0-windows7.0)
    OpenTK.Windowing.Common (4.7.5)
      OpenTK.Core (>= 4.7.5 < 4.8) - restriction: || (&& (== net472) (>= netstandard2.1)) (== net6.0) (== net6.0-windows7.0)
      OpenTK.Mathematics (>= 4.7.5 < 4.8) - restriction: || (&& (== net472) (>= netstandard2.1)) (== net6.0) (== net6.0-windows7.0)
    OpenTK.Windowing.Desktop (4.7.5)
      OpenTK.Core (>= 4.7.5 < 4.8) - restriction: || (&& (== net472) (>= netcoreapp3.1)) (== net6.0) (== net6.0-windows7.0)
      OpenTK.Mathematics (>= 4.7.5 < 4.8) - restriction: || (&& (== net472) (>= netcoreapp3.1)) (== net6.0) (== net6.0-windows7.0)
      OpenTK.Windowing.Common (>= 4.7.5 < 4.8) - restriction: || (&& (== net472) (>= netcoreapp3.1)) (== net6.0) (== net6.0-windows7.0)
      OpenTK.Windowing.GraphicsLibraryFramework (>= 4.7.5 < 4.8) - restriction: || (&& (== net472) (>= netcoreapp3.1)) (== net6.0) (== net6.0-windows7.0)
    OpenTK.Windowing.GraphicsLibraryFramework (4.7.5)
      OpenTK.Core (>= 4.7.5 < 4.8) - restriction: || (&& (== net472) (>= netcoreapp3.1)) (== net6.0) (== net6.0-windows7.0)
      OpenTK.redist.glfw (>= 3.3.8.30) - restriction: || (&& (== net472) (>= netcoreapp3.1)) (== net6.0) (== net6.0-windows7.0)
    runtime.native.System (4.3.1) - restriction: || (&& (== net472) (< net45)) (&& (== net472) (>= netcoreapp1.0)) (== net6.0) (== net6.0-windows7.0)
      Microsoft.NETCore.Platforms (>= 1.1.1)
      Microsoft.NETCore.Targets (>= 1.1.3)
    System.Buffers (4.5.1) - restriction: || (== net472) (&& (== net6.0) (>= net461)) (&& (== net6.0-windows7.0) (>= monotouch)) (&& (== net6.0-windows7.0) (>= net461)) (&& (== net6.0-windows7.0) (< net6.0) (>= xamarinios)) (&& (== net6.0-windows7.0) (< net6.0) (>= xamarinmac)) (&& (== net6.0-windows7.0) (< net6.0) (>= xamarintvos)) (&& (== net6.0-windows7.0) (< net6.0) (>= xamarinwatchos)) (&& (== net6.0-windows7.0) (< netcoreapp2.0)) (&& (== net6.0-windows7.0) (< netstandard1.1)) (&& (== net6.0-windows7.0) (< netstandard2.0))
    System.Collections (4.3) - restriction: || (&& (== net472) (< net45)) (&& (== net472) (>= netcoreapp1.0)) (== net6.0) (== net6.0-windows7.0)
      Microsoft.NETCore.Platforms (>= 1.1) - restriction: || (&& (== net472) (< net45)) (== net6.0) (== net6.0-windows7.0)
      Microsoft.NETCore.Targets (>= 1.1) - restriction: || (&& (== net472) (< net45)) (== net6.0) (== net6.0-windows7.0)
      System.Runtime (>= 4.3) - restriction: || (&& (== net472) (< net45)) (== net6.0) (== net6.0-windows7.0)
    System.Diagnostics.Debug (4.3) - restriction: || (&& (== net472) (< net45)) (&& (== net472) (>= netcoreapp1.0)) (== net6.0) (== net6.0-windows7.0)
      Microsoft.NETCore.Platforms (>= 1.1) - restriction: || (&& (== net472) (< net45)) (== net6.0) (== net6.0-windows7.0)
      Microsoft.NETCore.Targets (>= 1.1) - restriction: || (&& (== net472) (< net45)) (== net6.0) (== net6.0-windows7.0)
      System.Runtime (>= 4.3) - restriction: || (&& (== net472) (< net45)) (== net6.0) (== net6.0-windows7.0)
    System.Diagnostics.TextWriterTraceListener (4.3) - restriction: || (&& (== net472) (< net45)) (&& (== net472) (>= netcoreapp1.0)) (== net6.0) (== net6.0-windows7.0)
      System.Diagnostics.TraceSource (>= 4.3)
      System.Globalization (>= 4.3) - restriction: || (&& (== net472) (< net46)) (== net6.0) (== net6.0-windows7.0)
      System.IO (>= 4.3) - restriction: || (&& (== net472) (< net46)) (== net6.0) (== net6.0-windows7.0)
      System.Resources.ResourceManager (>= 4.3) - restriction: || (&& (== net472) (< net46)) (== net6.0) (== net6.0-windows7.0)
      System.Runtime (>= 4.3) - restriction: || (&& (== net472) (< net46)) (== net6.0) (== net6.0-windows7.0)
      System.Threading (>= 4.3) - restriction: || (&& (== net472) (< net46)) (== net6.0) (== net6.0-windows7.0)
    System.Diagnostics.TraceSource (4.3) - restriction: || (&& (== net472) (< net45)) (&& (== net472) (>= netcoreapp1.0)) (== net6.0) (== net6.0-windows7.0)
      Microsoft.NETCore.Platforms (>= 1.1) - restriction: || (&& (== net472) (< net46)) (== net6.0) (== net6.0-windows7.0)
      runtime.native.System (>= 4.3) - restriction: || (&& (== net472) (< net46)) (== net6.0) (== net6.0-windows7.0)
      System.Collections (>= 4.3) - restriction: || (&& (== net472) (< net46)) (== net6.0) (== net6.0-windows7.0)
      System.Diagnostics.Debug (>= 4.3) - restriction: || (&& (== net472) (< net46)) (== net6.0) (== net6.0-windows7.0)
      System.Globalization (>= 4.3) - restriction: || (&& (== net472) (< net46)) (== net6.0) (== net6.0-windows7.0)
      System.Resources.ResourceManager (>= 4.3) - restriction: || (&& (== net472) (< net46)) (== net6.0) (== net6.0-windows7.0)
      System.Runtime (>= 4.3) - restriction: || (&& (== net472) (< net46)) (== net6.0) (== net6.0-windows7.0)
      System.Runtime.Extensions (>= 4.3) - restriction: || (&& (== net472) (< net46)) (== net6.0) (== net6.0-windows7.0)
      System.Threading (>= 4.3) - restriction: || (&& (== net472) (< net46)) (== net6.0) (== net6.0-windows7.0)
    System.Globalization (4.3) - restriction: || (&& (== net472) (< net45)) (&& (== net472) (>= netcoreapp1.0)) (== net6.0) (== net6.0-windows7.0)
      Microsoft.NETCore.Platforms (>= 1.1) - restriction: || (&& (== net472) (< net45)) (== net6.0) (== net6.0-windows7.0)
      Microsoft.NETCore.Targets (>= 1.1) - restriction: || (&& (== net472) (< net45)) (== net6.0) (== net6.0-windows7.0)
      System.Runtime (>= 4.3) - restriction: || (&& (== net472) (< net45)) (== net6.0) (== net6.0-windows7.0)
    System.IO (4.3) - restriction: || (&& (== net472) (< net45)) (&& (== net472) (>= netcoreapp1.0)) (== net6.0) (== net6.0-windows7.0)
      Microsoft.NETCore.Platforms (>= 1.1) - restriction: || (&& (== net472) (< net45)) (== net6.0) (== net6.0-windows7.0)
      Microsoft.NETCore.Targets (>= 1.1) - restriction: || (&& (== net472) (< net45)) (== net6.0) (== net6.0-windows7.0)
      System.Runtime (>= 4.3) - restriction: || (&& (== net472) (< net45)) (== net6.0) (== net6.0-windows7.0)
      System.Text.Encoding (>= 4.3) - restriction: || (&& (== net472) (< net45)) (== net6.0) (== net6.0-windows7.0)
      System.Threading.Tasks (>= 4.3) - restriction: || (&& (== net472) (< net45)) (== net6.0) (== net6.0-windows7.0)
    System.Memory (4.5.5) - restriction: || (== net472) (&& (== net6.0) (>= net461)) (&& (== net6.0-windows7.0) (>= net461)) (&& (== net6.0-windows7.0) (< net6.0))
      System.Buffers (>= 4.5.1) - restriction: || (== net472) (&& (== net6.0) (>= monotouch)) (&& (== net6.0) (>= net461)) (&& (== net6.0) (< netcoreapp2.0)) (&& (== net6.0) (< netstandard1.1)) (&& (== net6.0) (< netstandard2.0)) (&& (== net6.0) (>= xamarinios)) (&& (== net6.0) (>= xamarinmac)) (&& (== net6.0) (>= xamarintvos)) (&& (== net6.0) (>= xamarinwatchos)) (&& (== net6.0-windows7.0) (>= monotouch)) (&& (== net6.0-windows7.0) (>= net461)) (&& (== net6.0-windows7.0) (< netcoreapp2.0)) (&& (== net6.0-windows7.0) (< netstandard1.1)) (&& (== net6.0-windows7.0) (< netstandard2.0)) (&& (== net6.0-windows7.0) (>= xamarinios)) (&& (== net6.0-windows7.0) (>= xamarinmac)) (&& (== net6.0-windows7.0) (>= xamarintvos)) (&& (== net6.0-windows7.0) (>= xamarinwatchos))
      System.Numerics.Vectors (>= 4.5) - restriction: || (== net472) (&& (== net6.0) (>= net461)) (&& (== net6.0-windows7.0) (>= net461))
      System.Runtime.CompilerServices.Unsafe (>= 4.5.3) - restriction: || (== net472) (&& (== net6.0) (>= monotouch)) (&& (== net6.0) (>= net461)) (&& (== net6.0) (< netcoreapp2.0)) (&& (== net6.0) (< netcoreapp2.1)) (&& (== net6.0) (< netstandard1.1)) (&& (== net6.0) (< netstandard2.0)) (&& (== net6.0) (>= uap10.1)) (&& (== net6.0) (>= xamarinios)) (&& (== net6.0) (>= xamarinmac)) (&& (== net6.0) (>= xamarintvos)) (&& (== net6.0) (>= xamarinwatchos)) (&& (== net6.0-windows7.0) (>= monotouch)) (&& (== net6.0-windows7.0) (>= net461)) (&& (== net6.0-windows7.0) (< netcoreapp2.0)) (&& (== net6.0-windows7.0) (< netcoreapp2.1)) (&& (== net6.0-windows7.0) (< netstandard1.1)) (&& (== net6.0-windows7.0) (< netstandard2.0)) (&& (== net6.0-windows7.0) (>= uap10.1)) (&& (== net6.0-windows7.0) (>= xamarinios)) (&& (== net6.0-windows7.0) (>= xamarinmac)) (&& (== net6.0-windows7.0) (>= xamarintvos)) (&& (== net6.0-windows7.0) (>= xamarinwatchos))
    System.Numerics.Vectors (4.5) - restriction: || (== net472) (&& (== net6.0) (>= net461)) (&& (== net6.0-windows7.0) (>= net461))
    System.Reflection (4.3) - restriction: || (&& (== net472) (< net45)) (&& (== net472) (>= netcoreapp1.0)) (== net6.0) (== net6.0-windows7.0)
      Microsoft.NETCore.Platforms (>= 1.1) - restriction: || (&& (== net472) (< net45)) (== net6.0) (== net6.0-windows7.0)
      Microsoft.NETCore.Targets (>= 1.1) - restriction: || (&& (== net472) (< net45)) (== net6.0) (== net6.0-windows7.0)
      System.IO (>= 4.3) - restriction: || (&& (== net472) (< net45)) (== net6.0) (== net6.0-windows7.0)
      System.Reflection.Primitives (>= 4.3) - restriction: || (&& (== net472) (< net45)) (== net6.0) (== net6.0-windows7.0)
      System.Runtime (>= 4.3) - restriction: || (&& (== net472) (< net45)) (== net6.0) (== net6.0-windows7.0)
    System.Reflection.Primitives (4.3) - restriction: || (&& (== net472) (< net45)) (&& (== net472) (>= netcoreapp1.0)) (== net6.0) (== net6.0-windows7.0)
      Microsoft.NETCore.Platforms (>= 1.1) - restriction: || (&& (== net472) (< net45)) (== net6.0) (== net6.0-windows7.0)
      Microsoft.NETCore.Targets (>= 1.1) - restriction: || (&& (== net472) (< net45)) (== net6.0) (== net6.0-windows7.0)
      System.Runtime (>= 4.3) - restriction: || (&& (== net472) (< net45)) (== net6.0) (== net6.0-windows7.0)
    System.Resources.Extensions (6.0)
      System.Memory (>= 4.5.4) - restriction: || (== net472) (&& (== net6.0) (>= net461)) (&& (== net6.0-windows7.0) (>= net461)) (&& (== net6.0-windows7.0) (< net6.0))
    System.Resources.ResourceManager (4.3) - restriction: || (&& (== net472) (< net45)) (&& (== net472) (>= netcoreapp1.0)) (== net6.0) (== net6.0-windows7.0)
      Microsoft.NETCore.Platforms (>= 1.1) - restriction: || (&& (== net472) (< net45)) (== net6.0) (== net6.0-windows7.0)
      Microsoft.NETCore.Targets (>= 1.1) - restriction: || (&& (== net472) (< net45)) (== net6.0) (== net6.0-windows7.0)
      System.Globalization (>= 4.3) - restriction: || (&& (== net472) (< net45)) (== net6.0) (== net6.0-windows7.0)
      System.Reflection (>= 4.3) - restriction: || (&& (== net472) (< net45)) (== net6.0) (== net6.0-windows7.0)
      System.Runtime (>= 4.3) - restriction: || (&& (== net472) (< net45)) (== net6.0) (== net6.0-windows7.0)
    System.Runtime (4.3.1) - restriction: || (&& (== net472) (< net45)) (&& (== net472) (>= netcoreapp1.0)) (== net6.0) (== net6.0-windows7.0)
      Microsoft.NETCore.Platforms (>= 1.1.1) - restriction: || (&& (== net472) (< net45)) (== net6.0) (== net6.0-windows7.0)
      Microsoft.NETCore.Targets (>= 1.1.3) - restriction: || (&& (== net472) (< net45)) (== net6.0) (== net6.0-windows7.0)
    System.Runtime.CompilerServices.Unsafe (6.0)
    System.Runtime.Extensions (4.3.1) - restriction: || (&& (== net472) (< net45)) (&& (== net472) (>= netcoreapp1.0)) (== net6.0) (== net6.0-windows7.0)
      Microsoft.NETCore.Platforms (>= 1.1.1) - restriction: || (&& (== net472) (< net45)) (== net6.0) (== net6.0-windows7.0)
      Microsoft.NETCore.Targets (>= 1.1.3) - restriction: || (&& (== net472) (< net45)) (== net6.0) (== net6.0-windows7.0)
      System.Runtime (>= 4.3.1) - restriction: || (&& (== net472) (< net45)) (== net6.0) (== net6.0-windows7.0)
    System.Text.Encoding (4.3) - restriction: || (&& (== net472) (< net45)) (&& (== net472) (>= netcoreapp1.0)) (== net6.0) (== net6.0-windows7.0)
      Microsoft.NETCore.Platforms (>= 1.1) - restriction: || (&& (== net472) (< net45)) (== net6.0) (== net6.0-windows7.0)
      Microsoft.NETCore.Targets (>= 1.1) - restriction: || (&& (== net472) (< net45)) (== net6.0) (== net6.0-windows7.0)
      System.Runtime (>= 4.3) - restriction: || (&& (== net472) (< net45)) (== net6.0) (== net6.0-windows7.0)
    System.Threading (4.3) - restriction: || (&& (== net472) (< net45)) (&& (== net472) (>= netcoreapp1.0)) (== net6.0) (== net6.0-windows7.0)
      System.Runtime (>= 4.3) - restriction: || (&& (== net472) (< net45)) (== net6.0) (== net6.0-windows7.0)
      System.Threading.Tasks (>= 4.3) - restriction: || (&& (== net472) (< net45)) (== net6.0) (== net6.0-windows7.0)
    System.Threading.Tasks (4.3) - restriction: || (&& (== net472) (< net45)) (&& (== net472) (>= netcoreapp1.0)) (== net6.0) (== net6.0-windows7.0)
      Microsoft.NETCore.Platforms (>= 1.1) - restriction: || (&& (== net472) (< net45)) (== net6.0) (== net6.0-windows7.0)
      Microsoft.NETCore.Targets (>= 1.1) - restriction: || (&& (== net472) (< net45)) (== net6.0) (== net6.0-windows7.0)
      System.Runtime (>= 4.3) - restriction: || (&& (== net472) (< net45)) (== net6.0) (== net6.0-windows7.0)
